GEM
  remote: https://rubygems.org/
  specs:
    bson (4.15.0)
    domain_name (0.6.20240107)
    http-accept (1.7.0)
    http-cookie (1.0.5)
      domain_name (~> 0.5)
    json (2.7.1)
    mime-types (3.5.2)
      mime-types-data (~> 3.2015)
    mime-types-data (3.2024.0206)
    mongo (2.19.3)
      bson (>= 4.14.1, < 5.0.0)
    netrc (0.11.0)
    rest-client (2.1.0)
      http-accept (>= 1.7.0, < 2.0)
      http-cookie (>= 1.0.2, < 2.0)
      mime-types (>= 1.16, < 4.0)
      netrc (~> 0.8)
    yaml (0.3.0)

PLATFORMS
  ruby
  x86_64-darwin-22

DEPENDENCIES
  json
  mongo
  rest-client
  yaml

BUNDLED WITH
   2.5.6
